GEM
  remote: https://rubygems.org/
  specs:
    ffi (1.9.10)
    jekyll-feed (0.5.1)
    jekyll-paginate (1.1.0)
    jekyll-watch (1.4.0)
      listen (~> 3.0, < 3.1)
    kramdown (1.10.0)
    listen (3.0.7)
      rb-fsevent (>= 0.9.3)
      rb-inotify (>= 0.9.7)
    rb-fsevent (0.9.7)
    rb-inotify (0.9.7)
      ffi (>= 0.5.0)

PLATFORMS
  ruby

DEPENDENCIES
  jekyll-feed
  jekyll-paginate
  jekyll-watch
  kramdown

BUNDLED WITH
   1.11.2
